GEM
  remote: https://rubygems.org/
  specs:
    materialize-sass (0.97.5)
      sass (~> 3.3)
    mini_portile2 (2.0.0)
    minitest (5.8.4)
    nokogiri (1.6.7.2)
      mini_portile2 (~> 2.0.0.rc2)
    sass (3.4.21)

PLATFORMS
  ruby

DEPENDENCIES
  materialize-sass
  minitest
  nokogiri

BUNDLED WITH
   1.10.6
